PATH
  remote: .
  specs:
    airplayer (0.0.7)
      airplay (~> 0.2.9)
      mime-types
      nokogiri
      rack
      ruby-progressbar
      thor

GEM
  remote: https://rubygems.org/
  specs:
    airplay (0.2.9)
      dnssd (~> 2.0)
      net-http-digest_auth (~> 1.2)
      net-http-persistent (>= 2.6)
    coderay (1.0.9)
    colorize (0.5.8)
    coveralls (0.6.7)
      colorize
      multi_json (~> 1.3)
      rest-client
      simplecov (>= 0.7)
      thor
    diff-lcs (1.2.4)
    dnssd (2.0)
    ffi (1.9.0)
    formatador (0.2.4)
    guard (1.8.1)
      formatador (>= 0.2.4)
      listen (>= 1.0.0)
      lumberjack (>= 1.0.2)
      pry (>= 0.9.10)
      thor (>= 0.14.6)
    guard-rspec (3.0.2)
      guard (>= 1.8)
      rspec (~> 2.13)
    listen (1.2.2)
      rb-fsevent (>= 0.9.3)
      rb-inotify (>= 0.9)
      rb-kqueue (>= 0.2)
    lumberjack (1.0.4)
    method_source (0.8.1)
    mime-types (1.23)
    mini_portile (0.5.1)
    multi_json (1.7.7)
    net-http-digest_auth (1.3)
    net-http-persistent (2.8)
    nokogiri (1.6.0)
      mini_portile (~> 0.5.0)
    pry (0.9.12.2)
      coderay (~> 1.0.5)
      method_source (~> 0.8)
      slop (~> 3.4)
    rack (1.5.2)
    rake (10.1.0)
    rb-fsevent (0.9.3)
    rb-inotify (0.9.0)
      ffi (>= 0.5.0)
    rb-kqueue (0.2.0)
      ffi (>= 0.5.0)
    rest-client (1.6.7)
      mime-types (>= 1.16)
    rspec (2.14.1)
      rspec-core (~> 2.14.0)
      rspec-expectations (~> 2.14.0)
      rspec-mocks (~> 2.14.0)
    rspec-core (2.14.3)
    rspec-expectations (2.14.0)
      diff-lcs (>= 1.1.3, < 2.0)
    rspec-mocks (2.14.1)
    ruby-progressbar (1.1.1)
    simplecov (0.7.1)
      multi_json (~> 1.0)
      simplecov-html (~> 0.7.1)
    simplecov-html (0.7.1)
    slop (3.4.5)
    thor (0.18.1)

PLATFORMS
  ruby

DEPENDENCIES
  airplayer!
  bundler
  coveralls
  guard-rspec
  rake
  rspec
